PATH
  remote: .
  specs:
    cupcake_recipes (0.1.0)

GEM
  remote: https://rubygems.org/
  specs:
    rake (10.5.0)

PLATFORMS
  ruby

DEPENDENCIES
  bundler (~> 1.16)
  cupcake_recipes!
  rake (~> 10.0)

BUNDLED WITH
   1.16.2
